PATH
  remote: .
  specs:
    reciper (0.2.0)
      activesupport (= 3.2.5)

GEM
  remote: https://rubygems.org/
  specs:
    activesupport (3.2.5)
      i18n (~> 0.6)
      multi_json (~> 1.0)
    diff-lcs (1.1.3)
    i18n (0.6.0)
    multi_json (1.3.6)
    rake (0.9.2.2)
    redcarpet (2.1.1)
    rspec (2.8.0)
      rspec-core (~> 2.8.0)
      rspec-expectations (~> 2.8.0)
      rspec-mocks (~> 2.8.0)
    rspec-core (2.8.0)
    rspec-expectations (2.8.0)
      diff-lcs (~> 1.1.2)
    rspec-mocks (2.8.0)
    yard (0.7.5)

PLATFORMS
  ruby

DEPENDENCIES
  rake
  reciper!
  redcarpet
  rspec
  yard
