GEM
  remote: https://rubygems.org/
  specs:
    rake (0.9.2.2)
    rspec-core (2.9.0)

PLATFORMS
  ruby

DEPENDENCIES
  rake
  rspec-core
